PATH
  remote: .
  specs:
    purplelight (0.1.6)
      csv (~> 3.3, >= 3.3.5)
      logger (~> 1.7, >= 1.7.0)
      mongo (~> 2.21, >= 2.21.3)

GEM
  remote: https://rubygems.org/
  specs:
    ast (2.4.3)
    base64 (0.3.0)
    bigdecimal (3.2.2)
    bson (5.1.1)
    csv (3.3.5)
    diff-lcs (1.6.2)
    extpp (0.1.1)
    fiddle (1.1.8)
    gio2 (4.3.3)
      fiddle
      gobject-introspection (= 4.3.3)
    glib2 (4.3.3)
      native-package-installer (>= 1.0.3)
      pkg-config (>= 1.3.5)
    gobject-introspection (4.3.3)
      glib2 (= 4.3.3)
    json (2.13.2)
    language_server-protocol (3.17.0.5)
    lint_roller (1.1.0)
    logger (1.7.0)
    mongo (2.21.3)
      base64
      bson (>= 4.14.1, < 6.0.0)
    native-package-installer (1.1.9)
    parallel (1.27.0)
    parser (3.3.9.0)
      ast (~> 2.4.1)
      racc
    pkg-config (1.6.4)
    prism (1.4.0)
    racc (1.8.1)
    rainbow (3.1.1)
    rake (13.3.0)
    red-arrow (21.0.0)
      bigdecimal (>= 3.1.0)
      csv
      extpp (>= 0.1.1)
      gio2 (>= 4.2.3)
      pkg-config
    red-parquet (21.0.0)
      red-arrow (= 21.0.0)
    regexp_parser (2.11.2)
    rspec (3.13.1)
      rspec-core (~> 3.13.0)
      rspec-expectations (~> 3.13.0)
      rspec-mocks (~> 3.13.0)
    rspec-core (3.13.5)
      rspec-support (~> 3.13.0)
    rspec-expectations (3.13.5)
      diff-lcs (>= 1.2.0, < 2.0)
      rspec-support (~> 3.13.0)
    rspec-mocks (3.13.5)
      diff-lcs (>= 1.2.0, < 2.0)
      rspec-support (~> 3.13.0)
    rspec-support (3.13.5)
    rubocop (1.80.2)
      json (~> 2.3)
      language_server-protocol (~> 3.17.0.2)
      lint_roller (~> 1.1.0)
      parallel (~> 1.10)
      parser (>= 3.3.0.2)
      rainbow (>= 2.2.2, < 4.0)
      regexp_parser (>= 2.9.3, < 3.0)
      rubocop-ast (>= 1.46.0, < 2.0)
      ruby-progressbar (~> 1.7)
      unicode-display_width (>= 2.4.0, < 4.0)
    rubocop-ast (1.46.0)
      parser (>= 3.3.7.2)
      prism (~> 1.4)
    ruby-progressbar (1.13.0)
    unicode-display_width (3.1.5)
      unicode-emoji (~> 4.0, >= 4.0.4)
    unicode-emoji (4.0.4)
    zstd-ruby (1.5.7.0)

PLATFORMS
  arm64-darwin-24
  ruby

DEPENDENCIES
  purplelight!
  rake (>= 13.0)
  red-arrow (>= 21.0)
  red-parquet (>= 21.0)
  rspec (>= 3.12)
  rubocop
  zstd-ruby (~> 1.5)

BUNDLED WITH
   2.6.8
